PATH
  remote: ./
  specs:
    ajax (1.2.6)
      json
      rack

GEM
  remote: http://rubygems.org/
  specs:
    abstract (1.0.0)
    actionpack (3.0.10)
      activemodel (= 3.0.10)
      activesupport (= 3.0.10)
      builder (~> 2.1.2)
      erubis (~> 2.6.6)
      i18n (~> 0.5.0)
      rack (~> 1.2.1)
      rack-mount (~> 0.6.14)
      rack-test (~> 0.5.7)
      tzinfo (~> 0.3.23)
    activemodel (3.0.10)
      activesupport (= 3.0.10)
      builder (~> 2.1.2)
      i18n (~> 0.5.0)
    activesupport (3.0.10)
    builder (2.1.2)
    columnize (0.3.4)
    diff-lcs (1.1.2)
    erubis (2.6.6)
      abstract (>= 1.0.0)
    hoe (2.12.2)
      rake (~> 0.8)
    i18n (0.5.0)
    json (1.5.3)
    linecache (0.46)
      rbx-require-relative (> 0.0.4)
    mocha (0.9.12)
    rack (1.2.3)
    rack-mount (0.6.14)
      rack (>= 1.0.0)
    rack-test (0.5.7)
      rack (>= 1.0)
    rake (0.9.2)
    rbx-require-relative (0.0.5)
    rspec (2.6.0)
      rspec-core (~> 2.6.0)
      rspec-expectations (~> 2.6.0)
      rspec-mocks (~> 2.6.0)
    rspec-core (2.6.4)
    rspec-expectations (2.6.0)
      diff-lcs (~> 1.1.2)
    rspec-mocks (2.6.0)
    ruby-debug (0.10.3)
      columnize (>= 0.1)
      ruby-debug-base (~> 0.10.3.0)
    ruby-debug-base (0.10.3)
      linecache (>= 0.3)
    test-unit (1.2.3)
      hoe (>= 1.5.1)
    tzinfo (0.3.29)

PLATFORMS
  ruby

DEPENDENCIES
  actionpack (= 3.0.10)
  activesupport (= 3.0.10)
  ajax!
  bundler (~> 1.0.0)
  mocha (~> 0.9.10)
  rspec (~> 2.0)
  ruby-debug (= 0.10.3)
  ruby-debug-base (= 0.10.3)
  test-unit (= 1.2.3)
