PATH
  remote: ./
  specs:
    ajax (1.0.7)

GEM
  remote: http://rubygems.org/
  specs:
    actionpack (2.3.11)
      activesupport (= 2.3.11)
      rack (~> 1.1.0)
    activesupport (2.3.11)
    columnize (0.3.2)
    gemcutter (0.7.0)
    git (1.2.5)
    hoe (2.9.1)
      rake (>= 0.8.7)
    jeweler (1.4.0)
      gemcutter (>= 0.1.0)
      git (>= 1.2.5)
      rubyforge (>= 2.0.0)
    json_pure (1.5.1)
    linecache (0.43)
    rack (1.1.2)
    rake (0.8.7)
    rspec (1.3.1)
    ruby-debug (0.10.3)
      columnize (>= 0.1)
      ruby-debug-base (~> 0.10.3.0)
    ruby-debug-base (0.10.3)
      linecache (>= 0.3)
    rubyforge (2.0.4)
      json_pure (>= 1.1.7)
    test-unit (1.2.3)
      hoe (>= 1.5.1)

PLATFORMS
  ruby

DEPENDENCIES
  actionpack (= 2.3.11)
  activesupport (= 2.3.11)
  ajax!
  jeweler (= 1.4.0)
  rspec (~> 1.3.1)
  ruby-debug (= 0.10.3)
  ruby-debug-base (= 0.10.3)
  test-unit (= 1.2.3)
